GEM
  remote: https://rubygems.org/
  specs:
    activesupport (7.0.3.1)
      concurrent-ruby (~> 1.0, >= 1.0.2)
      i18n (>= 1.6, < 2)
      minitest (>= 5.1)
      tzinfo (~> 2.0)
    citrus (3.0.2)
    concurrent-ruby (1.1.10)
    faraday (1.0.1)
      multipart-post (>= 1.2, < 3)
    faraday_middleware (1.0.0)
      faraday (~> 1.0)
    gli (2.19.0)
    gnuplot (2.6.2)
    hashie (4.1.0)
    i18n (1.12.0)
      concurrent-ruby (~> 1.0)
    minitest (5.16.2)
    multipart-post (2.1.1)
    pretty_round (0.2.0)
    slack-ruby-client (0.14.6)
      activesupport
      faraday (>= 0.9)
      faraday_middleware
      gli
      hashie
      websocket-driver
    toml-rb (2.0.1)
      citrus (~> 3.0, > 3.0)
    tzinfo (2.0.5)
      concurrent-ruby (~> 1.0)
    websocket-driver (0.7.1)
      websocket-extensions (>= 0.1.0)
    websocket-extensions (0.1.4)

PLATFORMS
  ruby

DEPENDENCIES
  gnuplot
  pretty_round
  slack-ruby-client
  toml-rb

BUNDLED WITH
   2.1.4
